PATH
  remote: .
  specs:
    ruby-pardot (1.4.1)
      crack (= 0.4.4)
      httparty (= 0.18.1)
      rexml (= 3.2.5)

GEM
  remote: https://rubygems.org/
  specs:
    crack (0.4.4)
    diff-lcs (1.5.0)
    fakeweb (1.3.0)
    httparty (0.18.1)
      mime-types (~> 3.0)
      multi_xml (>= 0.5.2)
    mime-types (3.4.1)
      mime-types-data (~> 3.2015)
    mime-types-data (3.2022.0105)
    multi_xml (0.6.0)
    rexml (3.2.5)
    rspec (3.5.0)
      rspec-core (~> 3.5.0)
      rspec-expectations (~> 3.5.0)
      rspec-mocks (~> 3.5.0)
    rspec-core (3.5.4)
      rspec-support (~> 3.5.0)
    rspec-expectations (3.5.0)
      diff-lcs (>= 1.2.0, < 2.0)
      rspec-support (~> 3.5.0)
    rspec-mocks (3.5.0)
      diff-lcs (>= 1.2.0, < 2.0)
      rspec-support (~> 3.5.0)
    rspec-support (3.5.0)

PLATFORMS
  ruby

DEPENDENCIES
  bundler (>= 1.10)
  fakeweb (= 1.3.0)
  rspec (= 3.5.0)
  ruby-pardot!

BUNDLED WITH
   2.3.6
