PATH
  remote: .
  specs:
    ruby-pardot (1.4.2)
      crack (= 0.4.5)
      httparty (= 0.21.0)

GEM
  remote: https://rubygems.org/
  specs:
    crack (0.4.5)
      rexml
    diff-lcs (1.5.0)
    fakeweb (1.3.0)
    httparty (0.21.0)
      mini_mime (>= 1.0.0)
      multi_xml (>= 0.5.2)
    mini_mime (1.1.2)
    multi_xml (0.6.0)
    rexml (3.2.8)
      strscan (>= 3.0.9)
    rspec (3.5.0)
      rspec-core (~> 3.5.0)
      rspec-expectations (~> 3.5.0)
      rspec-mocks (~> 3.5.0)
    rspec-core (3.5.4)
      rspec-support (~> 3.5.0)
    rspec-expectations (3.5.0)
      diff-lcs (>= 1.2.0, < 2.0)
      rspec-support (~> 3.5.0)
    rspec-mocks (3.5.0)
      diff-lcs (>= 1.2.0, < 2.0)
      rspec-support (~> 3.5.0)
    rspec-support (3.5.0)
    strscan (3.1.0)

PLATFORMS
  ruby

DEPENDENCIES
  bundler (>= 1.10)
  fakeweb (= 1.3.0)
  rspec (= 3.5.0)
  ruby-pardot!

BUNDLED WITH
   2.3.26
